PATH
  remote: .
  specs:
    factual-api (1.3.17)
      json (~> 1.2, >= 1.2.0)
      oauth (~> 0.4.4, >= 0.4.4)

GEM
  remote: https://rubygems.org/
  specs:
    json (1.8.1)
    oauth (0.4.7)
    rspec (0.9.4)

PLATFORMS
  ruby

DEPENDENCIES
  factual-api!
  rspec (~> 0)
